GEM
  remote: https://rubygems.org/
  specs:
    cli-kit (3.3.0)
      cli-ui (>= 1.1.4)
    cli-ui (1.5.1)
    terminal-notifier (2.0.0)

PLATFORMS
  arm64-darwin-20

DEPENDENCIES
  cli-kit
  cli-ui
  terminal-notifier

RUBY VERSION
   ruby 3.0.2p107

BUNDLED WITH
   2.2.25
