GEM
  remote: https://rubygems.org/
  specs:
    cli-kit (3.1.0)
      cli-ui (>= 1.1.4)
    cli-ui (1.2.2)
    serial (1.0.0)
    terminal-notifier (2.0.0)

PLATFORMS
  ruby

DEPENDENCIES
  cli-kit
  cli-ui
  serial
  terminal-notifier

RUBY VERSION
   ruby 2.5.1p57

BUNDLED WITH
   1.17.3
